GIT
  remote: git://github.com/novohispano/sales_engine.git
  revision: 4b12a53804e0be25d64b41f346917d54ef63f9d8
  specs:
    sales_engine (0.0.1)

GIT
  remote: https://github.com/JumpstartLab/sales_engine_spec_harness
  revision: 19961734cadec4181fa002259f7d3ab672e99979
  specs:
    sales_engine_spec_harness (0.0.1)

GEM
  remote: https://rubygems.org/
  specs:
    cane (2.5.2)
      parallel
    minitest (4.6.1)
    minitest-emoji (1.0.0)
    multi_json (1.5.0)
    parallel (0.6.2)
    rake (10.0.3)
    reek (1.3.1)
      ruby2ruby (~> 2.0.2)
      ruby_parser (~> 3.1.1)
      sexp_processor
    ruby2ruby (2.0.3)
      ruby_parser (~> 3.1)
      sexp_processor (~> 4.0)
    ruby_parser (3.1.1)
      sexp_processor (~> 4.1)
    sexp_processor (4.1.5)
    simplecov (0.7.1)
      multi_json (~> 1.0)
      simplecov-html (~> 0.7.1)
    simplecov-html (0.7.1)

PLATFORMS
  ruby

DEPENDENCIES
  cane
  minitest
  minitest-emoji
  rake
  reek
  sales_engine!
  sales_engine_spec_harness!
  simplecov
